GEM
  remote: http://rubygems.org/
  specs:
    activemodel (3.0.5)
      activesupport (= 3.0.5)
      builder (~> 2.1.2)
      i18n (~> 0.4)
    activesupport (3.0.5)
    addressable (2.2.6)
    alias (0.2.2)
    awesome_print (0.3.2)
    binding_of_caller (0.6.8)
    bond (0.4.0)
    boson (0.3.3)
      alias (>= 0.2.2)
      hirb (>= 0.3.5)
    bson (1.2.4)
    bson_ext (1.2.4)
    builder (2.1.2)
    coderay (1.0.8)
    columnize (0.3.6)
    debugger (1.1.4)
      columnize (>= 0.3.1)
      debugger-linecache (~> 1.1.1)
      debugger-ruby_core_source (~> 1.1.3)
    debugger-linecache (1.1.2)
      debugger-ruby_core_source (>= 1.1.1)
    debugger-ruby_core_source (1.1.5)
    diff-lcs (1.1.3)
    diffy (2.1.0)
    eventmachine (1.0.0)
    excon (0.13.4)
    fog (1.3.1)
      builder
      excon (~> 0.13.0)
      formatador (~> 0.2.0)
      mime-types
      multi_json (~> 1.0)
      net-scp (~> 1.0.4)
      net-ssh (>= 2.1.3)
      nokogiri (~> 1.5.0)
      ruby-hmac
    foreman (0.18.0)
      term-ansicolor (~> 1.0.5)
      thor (>= 0.13.6)
    formatador (0.2.1)
    fssm (0.2.7)
    girl_friday (0.9.1)
    grit (2.5.0)
      diff-lcs (~> 1.1)
      mime-types (~> 1.15)
      posix-spawn (~> 0.3.6)
    haml (3.0.25)
    heroku (2.7.0)
      launchy (>= 0.3.2)
      rest-client (~> 1.6.1)
      rubyzip
      term-ansicolor (~> 1.0.5)
    highline (1.6.15)
    hirb (0.4.0)
    i18n (0.5.0)
    interactive_editor (0.0.7)
      spoon (>= 0.0.1)
    interception (0.3)
    jist (1.2.0)
      json
    json (1.7.5)
    kgio (2.4.1)
    launchy (2.0.5)
      addressable (~> 2.2.6)
    mail (2.2.15)
      activesupport (>= 2.3.6)
      i18n (>= 0.4.0)
      mime-types (~> 1.16)
      treetop (~> 1.4.8)
    maildir (1.0.1)
    mailman (0.4.0)
      activesupport (>= 2.3.4)
      fssm (>= 0.1.4)
      i18n (>= 0.4.1)
      mail (>= 2.0.3)
      maildir (>= 0.5.0)
    method_source (0.8.1)
    mime-types (1.16)
    mini_magick (3.2)
      subexec (~> 0.0.4)
    mongo (1.2.4)
      bson (>= 1.2.4)
    mongoid (2.0.0.rc.7)
      activemodel (~> 3.0)
      mongo (~> 1.2)
      tzinfo (~> 0.3.22)
      will_paginate (~> 3.0.pre)
    multi_json (1.3.4)
    net-scp (1.0.4)
      net-ssh (>= 1.99.1)
    net-ssh (2.3.0)
    nokogiri (1.5.2)
    polyglot (0.3.1)
    pony (1.1)
      mail (> 2.0)
    posix-spawn (0.3.6)
    pry (0.9.10)
      coderay (~> 1.0.5)
      method_source (~> 0.8)
      slop (~> 3.3.1)
    pry-awesome_print (9.6.4)
      awesome_print
    pry-debugger (0.2.0)
      debugger (~> 1.1.3)
      pry (~> 0.9.9)
    pry-developer_tools (0.1.1)
      pry (>= 0.9.8.pre, < 0.11)
    pry-doc (0.4.4)
      pry (>= 0.9.9.6)
      yard (~> 0.8.1)
    pry-docmore (0.0.2)
      pry
      pry-doc
    pry-editline (1.1.1)
    pry-exception_explorer (0.1.9)
      pry-stack_explorer (>= 0.3.9)
    pry-full (1.0)
      bond
      jist
      pry-awesome_print
      pry-debugger
      pry-developer_tools
      pry-doc
      pry-docmore
      pry-editline
      pry-exception_explorer (= 0.1.9)
      pry-git
      pry-highlight
      pry-pretty-numeric
      pry-remote-em
      pry-rescue
      pry-stack_explorer
      pry-syntax-hacks
      pry-theme
    pry-git (0.2.3)
      diffy
      grit
      pry (>= 0.9.8)
    pry-highlight (0.0.1)
      coderay
      json
      nokogiri
      pry
    pry-pretty-numeric (0.1.1)
      pry
    pry-remote-em (0.7.3)
      eventmachine
      highline
      pry (~> 0.9)
    pry-rescue (0.13)
      interception (>= 0.3)
      pry
    pry-stack_explorer (0.4.7)
      binding_of_caller (~> 0.6.8)
    pry-syntax-hacks (0.0.6)
      pry (>= 0.9.8)
    pry-theme (0.1.3)
      json
    rack (1.2.2)
    rack-no-www (0.0.1)
    rack-rewrite (1.0.2)
    rack-test (0.5.7)
      rack (>= 1.0)
    racksh (0.9.8)
      rack (>= 1.0)
      rack-test (>= 0.5)
    rdiscount (1.6.8)
    rest-client (1.6.7)
      mime-types (>= 1.16)
    ruby-hmac (0.4.0)
    rubyzip (0.9.4)
    sinatra (1.2.0)
      rack (~> 1.1)
      tilt (>= 1.2.2, < 2.0)
    sinatra-flash (0.3.0)
      sinatra (>= 1.0.0)
    sinatra-outputbuffer (0.1.0)
      sinatra (>= 1.0.a)
    slop (3.3.3)
    spoon (0.0.1)
    subexec (0.0.4)
    term-ansicolor (1.0.5)
    thor (0.14.6)
    tilt (1.2.2)
    treetop (1.4.9)
      polyglot (>= 0.3.1)
    tzinfo (0.3.24)
    unicorn (3.7.0)
      kgio (~> 2.3)
      rack
    will_paginate (3.0.pre2)
    wirble (0.1.3)
    yard (0.8.3)

PLATFORMS
  ruby

DEPENDENCIES
  awesome_print
  bond
  boson
  bson_ext
  fog
  foreman
  girl_friday
  haml
  heroku
  hirb
  interactive_editor
  mailman
  mini_magick
  mongoid (>= 2.0.0.rc.7)
  pony
  pry-full
  rack-no-www
  rack-rewrite
  rack-test
  racksh
  rdiscount
  sinatra
  sinatra-flash
  sinatra-outputbuffer
  thor
  tilt
  unicorn
  wirble
