GEM
  remote: http://rubygems.org/
  specs:
    activemodel (3.0.5)
      activesupport (= 3.0.5)
      builder (~> 2.1.2)
      i18n (~> 0.4)
    activesupport (3.0.5)
    addressable (2.2.6)
    alias (0.2.2)
    archive-tar-minitar (0.5.2)
    awesome_print (0.3.2)
    bond (0.4.0)
    boson (0.3.3)
      alias (>= 0.2.2)
      hirb (>= 0.3.5)
    bson (1.2.4)
    bson_ext (1.2.4)
    builder (2.1.2)
    columnize (0.3.2)
    foreman (0.18.0)
      term-ansicolor (~> 1.0.5)
      thor (>= 0.13.6)
    fssm (0.2.7)
    girl_friday (0.9.1)
    haml (3.0.25)
    heroku (2.7.0)
      launchy (>= 0.3.2)
      rest-client (~> 1.6.1)
      rubyzip
      term-ansicolor (~> 1.0.5)
    hirb (0.4.0)
    i18n (0.5.0)
    interactive_editor (0.0.7)
      spoon (>= 0.0.1)
    kgio (2.4.1)
    launchy (2.0.5)
      addressable (~> 2.2.6)
    linecache19 (0.5.11)
      ruby_core_source (>= 0.1.4)
    mail (2.2.15)
      activesupport (>= 2.3.6)
      i18n (>= 0.4.0)
      mime-types (~> 1.16)
      treetop (~> 1.4.8)
    maildir (1.0.1)
    mailman (0.4.0)
      activesupport (>= 2.3.4)
      fssm (>= 0.1.4)
      i18n (>= 0.4.1)
      mail (>= 2.0.3)
      maildir (>= 0.5.0)
    mime-types (1.16)
    mini_magick (3.2)
      subexec (~> 0.0.4)
    mongo (1.2.4)
      bson (>= 1.2.4)
    mongoid (2.0.0.rc.7)
      activemodel (~> 3.0)
      mongo (~> 1.2)
      tzinfo (~> 0.3.22)
      will_paginate (~> 3.0.pre)
    polyglot (0.3.1)
    pony (1.1)
      mail (> 2.0)
    rack (1.2.2)
    rack-no-www (0.0.1)
    rack-rewrite (1.0.2)
    rack-test (0.5.7)
      rack (>= 1.0)
    racksh (0.9.8)
      rack (>= 1.0)
      rack-test (>= 0.5)
    rdiscount (1.6.8)
    rest-client (1.6.7)
      mime-types (>= 1.16)
    ruby-debug-base19 (0.11.24)
      columnize (>= 0.3.1)
      linecache19 (>= 0.5.11)
      ruby_core_source (>= 0.1.4)
    ruby-debug19 (0.11.6)
      columnize (>= 0.3.1)
      linecache19 (>= 0.5.11)
      ruby-debug-base19 (>= 0.11.19)
    ruby_core_source (0.1.4)
      archive-tar-minitar (>= 0.5.2)
    rubyzip (0.9.4)
    sinatra (1.2.0)
      rack (~> 1.1)
      tilt (>= 1.2.2, < 2.0)
    sinatra-flash (0.3.0)
      sinatra (>= 1.0.0)
    sinatra-outputbuffer (0.1.0)
      sinatra (>= 1.0.a)
    spoon (0.0.1)
    subexec (0.0.4)
    term-ansicolor (1.0.5)
    thor (0.14.6)
    tilt (1.2.2)
    treetop (1.4.9)
      polyglot (>= 0.3.1)
    tzinfo (0.3.24)
    unicorn (3.7.0)
      kgio (~> 2.3)
      rack
    will_paginate (3.0.pre2)
    wirble (0.1.3)

PLATFORMS
  ruby

DEPENDENCIES
  awesome_print
  bond
  boson
  bson_ext
  foreman
  girl_friday
  haml
  heroku
  hirb
  interactive_editor
  mailman
  mini_magick
  mongoid (>= 2.0.0.rc.7)
  pony
  rack-no-www
  rack-rewrite
  rack-test
  racksh
  rdiscount
  ruby-debug19
  sinatra
  sinatra-flash
  sinatra-outputbuffer
  thor
  tilt
  unicorn
  wirble
