GEM
  remote: https://rubygems.org/
  specs:
    abstract (1.0.0)
    actionpack (3.0.20)
      activemodel (= 3.0.20)
      activesupport (= 3.0.20)
      builder (~> 2.1.2)
      erubis (~> 2.6.6)
      i18n (~> 0.5.0)
      rack (~> 1.2.5)
      rack-mount (~> 0.6.14)
      rack-test (~> 0.5.7)
      tzinfo (~> 0.3.23)
    activemodel (3.0.20)
      activesupport (= 3.0.20)
      builder (~> 2.1.2)
      i18n (~> 0.5.0)
    activesupport (3.0.20)
    bson (1.2.4)
    bson_ext (1.2.4)
    builder (2.1.2)
    erubis (2.6.6)
      abstract (>= 1.0.0)
    girl_friday (0.9.1)
    haml (3.0.25)
    i18n (0.5.4)
    kaminari (0.16.3)
      actionpack (>= 3.0.0)
      activesupport (>= 3.0.0)
    kgio (2.9.3)
    mail (2.6.3)
      mime-types (>= 1.16, < 3)
    mime-types (2.6.1)
    mini_magick (4.2.7)
    mongo (1.2.4)
      bson (>= 1.2.4)
    mongoid (2.0.0.rc.7)
      activemodel (~> 3.0)
      mongo (~> 1.2)
      tzinfo (~> 0.3.22)
      will_paginate (~> 3.0.pre)
    pony (1.1)
      mail (> 2.0)
    rack (1.2.8)
    rack-mount (0.6.14)
      rack (>= 1.0.0)
    rack-no-www (0.0.1)
    rack-rewrite (1.0.2)
    rack-test (0.5.7)
      rack (>= 1.0)
    racksh (0.9.8)
      rack (>= 1.0)
      rack-test (>= 0.5)
    rdiscount (1.6.8)
    sass (3.2.0)
    sinatra (1.2.0)
      rack (~> 1.1)
      tilt (>= 1.2.2, < 2.0)
    sinatra-flash (0.3.0)
      sinatra (>= 1.0.0)
    sinatra-outputbuffer (0.1.0)
      sinatra (>= 1.0.a)
    thor (0.19.1)
    tilt (1.2.2)
    tzinfo (0.3.24)
    unicorn (3.7.0)
      kgio (~> 2.3)
      rack
    will_paginate (3.0.7)

PLATFORMS
  ruby

DEPENDENCIES
  bson (= 1.2.4)
  bson_ext (= 1.2.4)
  girl_friday (= 0.9.1)
  haml (= 3.0.25)
  kaminari (= 0.16.3)
  mini_magick
  mongo (= 1.2.4)
  mongoid (= 2.0.0.rc.7)
  pony (= 1.1)
  rack-no-www (= 0.0.1)
  rack-rewrite (= 1.0.2)
  rack-test (= 0.5.7)
  racksh (= 0.9.8)
  rdiscount (= 1.6.8)
  sass (= 3.2.0)
  sinatra (= 1.2.0)
  sinatra-flash (= 0.3.0)
  sinatra-outputbuffer (= 0.1.0)
  thor
  tilt (= 1.2.2)
  tzinfo (= 0.3.24)
  unicorn (= 3.7.0)

BUNDLED WITH
   1.10.2
