GEM
  remote: https://rubygems.org/
  specs:
    activemodel (3.2.21)
      activesupport (= 3.2.21)
      builder (~> 3.0.0)
    activesupport (3.2.21)
      i18n (~> 0.6, >= 0.6.4)
      multi_json (~> 1.0)
    bson (1.2.4)
    bson_ext (1.2.4)
    builder (3.0.4)
    girl_friday (0.9.1)
    haml (3.0.25)
    i18n (0.7.0)
    kgio (2.9.3)
    mail (2.6.3)
      mime-types (>= 1.16, < 3)
    mime-types (2.4.3)
    mini_magick (3.7.0)
      subexec (~> 0.2.1)
    mongo (1.2.4)
      bson (>= 1.2.4)
    mongoid (2.0.0.rc.7)
      activemodel (~> 3.0)
      mongo (~> 1.2)
      tzinfo (~> 0.3.22)
      will_paginate (~> 3.0.pre)
    multi_json (1.11.0)
    pony (1.1)
      mail (> 2.0)
    rack (1.6.0)
    rack-no-www (0.0.1)
    rack-rewrite (1.0.2)
    rack-test (0.5.7)
      rack (>= 1.0)
    racksh (0.9.8)
      rack (>= 1.0)
      rack-test (>= 0.5)
    rdiscount (1.6.8)
    sass (3.2.0)
    sinatra (1.2.0)
      rack (~> 1.1)
      tilt (>= 1.2.2, < 2.0)
      tilt (>= 1.2.2, < 2.0)
    sinatra-flash (0.3.0)
      sinatra (>= 1.0.0)
    sinatra-outputbuffer (0.1.0)
      sinatra (>= 1.0.a)
    subexec (0.2.3)
    thor (0.19.1)
    tilt (1.2.2)
    tzinfo (0.3.24)
    unicorn (3.7.0)
      kgio (~> 2.3)
      rack
    will_paginate (3.0.7)

PLATFORMS
  ruby

DEPENDENCIES
  bson (= 1.2.4)
  bson_ext (= 1.2.4)
  girl_friday (= 0.9.1)
  haml (= 3.0.25)
  mini_magick
  mongo (= 1.2.4)
  mongoid (= 2.0.0.rc.7)
  pony (= 1.1)
  rack-no-www (= 0.0.1)
  rack-rewrite (= 1.0.2)
  rack-test (= 0.5.7)
  racksh (= 0.9.8)
  rdiscount (= 1.6.8)
  sass (= 3.2.0)
  sinatra (= 1.2.0)
  sinatra-flash (= 0.3.0)
  sinatra-outputbuffer (= 0.1.0)
  thor
  tilt (= 1.2.2)
  tzinfo (= 0.3.24)
  unicorn (= 3.7.0)
