GIT
  remote: git://github.com/amatsuda/kaminari.git
  revision: 90a1cd0084807ee160ecf48f8a630458a7f1cfc7
  specs:
    kaminari (1.0.0.alpha)
      actionpack (>= 3.0.0)
      activesupport (>= 3.0.0)

GEM
  remote: https://rubygems.org/
  specs:
    actionpack (4.0.13)
      activesupport (= 4.0.13)
      builder (~> 3.1.0)
      erubis (~> 2.7.0)
      rack (~> 1.5.2)
      rack-test (~> 0.6.2)
    activemodel (4.0.13)
      activesupport (= 4.0.13)
      builder (~> 3.1.0)
    activesupport (4.0.13)
      i18n (~> 0.6, >= 0.6.9)
      minitest (~> 4.2)
      multi_json (~> 1.3)
      thread_safe (~> 0.1)
      tzinfo (~> 0.3.37)
    bson (3.2.4)
    builder (3.1.4)
    erubis (2.7.0)
    girl_friday (0.9.1)
    haml (3.0.25)
    i18n (0.7.0)
    kgio (2.10.0)
    mail (2.6.3)
      mime-types (>= 1.16, < 3)
    mime-types (2.6.2)
    mini_magick (4.3.5)
    minitest (4.7.5)
    mongo (2.1.1)
      bson (~> 3.0)
    mongoid (5.0.0)
      activemodel (~> 4.0)
      mongo (~> 2.1)
      origin (~> 2.1)
      tzinfo (>= 0.3.37)
    multi_json (1.11.2)
    origin (2.1.1)
    padrino-helpers (0.12.5)
      i18n (~> 0.6, >= 0.6.7)
      padrino-support (= 0.12.5)
      tilt (~> 1.4.1)
    padrino-support (0.12.5)
      activesupport (>= 3.1)
    pony (1.1)
      mail (> 2.0)
    rack (1.5.5)
    rack-no-www (0.0.1)
    rack-rewrite (1.0.2)
    rack-test (0.6.3)
      rack (>= 1.0)
    racksh (1.0.0)
      rack (>= 1.0)
      rack-test (>= 0.5)
    rdiscount (1.6.8)
    sass (3.2.0)
    sinatra (1.2.6)
      rack (~> 1.1)
      tilt (>= 1.2.2, < 2.0)
    sinatra-flash (0.3.0)
      sinatra (>= 1.0.0)
    sinatra-outputbuffer (0.1.0)
      sinatra (>= 1.0.a)
    thor (0.19.1)
    thread_safe (0.3.5)
    tilt (1.4.1)
    tzinfo (0.3.45)
    unicorn (3.7.0)
      kgio (~> 2.3)
      rack

PLATFORMS
  ruby

DEPENDENCIES
  girl_friday (= 0.9.1)
  haml (= 3.0.25)
  kaminari!
  mini_magick
  mongo (~> 2.1.0)
  mongoid (~> 5.0.0)
  padrino-helpers (= 0.12.5)
  pony (= 1.1)
  rack-no-www (= 0.0.1)
  rack-rewrite (= 1.0.2)
  racksh
  rdiscount (= 1.6.8)
  sass (= 3.2.0)
  sinatra (= 1.2.6)
  sinatra-flash (= 0.3.0)
  sinatra-outputbuffer (= 0.1.0)
  thor
  tilt (= 1.4.1)
  tzinfo (~> 0.3.29)
  unicorn (= 3.7.0)

BUNDLED WITH
   1.10.6
