GEM
  remote: https://rubygems.org/
  specs:
    actionpack (3.2.22)
      activemodel (= 3.2.22)
      activesupport (= 3.2.22)
      builder (~> 3.0.0)
      erubis (~> 2.7.0)
      journey (~> 1.0.4)
      rack (~> 1.4.5)
      rack-cache (~> 1.2)
      rack-test (~> 0.6.1)
      sprockets (~> 2.2.1)
    activemodel (3.2.22)
      activesupport (= 3.2.22)
      builder (~> 3.0.0)
    activesupport (3.2.22)
      i18n (~> 0.6, >= 0.6.4)
      multi_json (~> 1.0)
    bson (1.3.1)
    bson_ext (1.3.1)
    builder (3.0.4)
    erubis (2.7.0)
    girl_friday (0.9.1)
    haml (3.0.25)
    hike (1.2.3)
    i18n (0.7.0)
    journey (1.0.4)
    kaminari (0.16.3)
      actionpack (>= 3.0.0)
      activesupport (>= 3.0.0)
    kgio (2.9.3)
    mail (2.6.3)
      mime-types (>= 1.16, < 3)
    mime-types (2.6.1)
    mini_magick (4.2.7)
    mongo (1.3.1)
      bson (>= 1.3.1)
    mongoid (2.1.9)
      activemodel (~> 3.0)
      mongo (~> 1.3)
      tzinfo (~> 0.3.22)
    multi_json (1.11.2)
    padrino-helpers (0.12.5)
      i18n (~> 0.6, >= 0.6.7)
      padrino-support (= 0.12.5)
      tilt (~> 1.4.1)
    padrino-support (0.12.5)
      activesupport (>= 3.1)
    pony (1.1)
      mail (> 2.0)
    rack (1.4.7)
    rack-cache (1.2)
      rack (>= 0.4)
    rack-no-www (0.0.1)
    rack-rewrite (1.0.2)
    rack-test (0.6.1)
      rack (>= 1.0)
    racksh (0.9.8)
      rack (>= 1.0)
      rack-test (>= 0.5)
    rdiscount (1.6.8)
    sass (3.2.0)
    sinatra (1.2.6)
      rack (~> 1.1)
      tilt (>= 1.2.2, < 2.0)
    sinatra-flash (0.3.0)
      sinatra (>= 1.0.0)
    sinatra-outputbuffer (0.1.0)
      sinatra (>= 1.0.a)
    sprockets (2.2.3)
      hike (~> 1.2)
      multi_json (~> 1.0)
      rack (~> 1.0)
      tilt (~> 1.1, != 1.3.0)
    thor (0.19.1)
    tilt (1.4.1)
    tzinfo (0.3.24)
    unicorn (3.7.0)
      kgio (~> 2.3)
      rack

PLATFORMS
  ruby

DEPENDENCIES
  bson (~> 1.3.0)
  bson_ext (~> 1.3.0)
  girl_friday (= 0.9.1)
  haml (= 3.0.25)
  kaminari (= 0.16.3)
  mini_magick
  mongo (~> 1.3.0)
  mongoid (~> 2.1.0)
  padrino-helpers (= 0.12.5)
  pony (= 1.1)
  rack-no-www (= 0.0.1)
  rack-rewrite (= 1.0.2)
  rack-test (= 0.6.1)
  racksh (= 0.9.8)
  rdiscount (= 1.6.8)
  sass (= 3.2.0)
  sinatra (= 1.2.6)
  sinatra-flash (= 0.3.0)
  sinatra-outputbuffer (= 0.1.0)
  thor
  tilt (= 1.4.1)
  tzinfo (= 0.3.24)
  unicorn (= 3.7.0)

BUNDLED WITH
   1.10.2
